GEM
  remote: https://rubygems.org/
  specs:
    ruby-opencv (0.0.15)

PLATFORMS
  ruby

DEPENDENCIES
  ruby-opencv

BUNDLED WITH
   1.10.5
